GEM
  remote: http://rubygems.org/
  specs:
    actionmailer (2.3.8)
      actionpack (= 2.3.8)
    actionpack (2.3.8)
      activesupport (= 2.3.8)
      rack (~> 1.1.0)
    activerecord (2.3.8)
      activesupport (= 2.3.8)
    activeresource (2.3.8)
      activesupport (= 2.3.8)
    activesupport (2.3.8)
    bcrypt-ruby (2.1.2)
    builder (2.1.2)
    closure-compiler (0.3.2)
    crack (0.1.8)
    cucumber (0.8.5)
      builder (~> 2.1.2)
      diff-lcs (~> 1.1.2)
      gherkin (~> 2.1.4)
      json_pure (~> 1.4.3)
      term-ansicolor (~> 1.0.4)
    devise (1.0.8)
      warden (~> 0.10.3)
    diff-lcs (1.1.2)
    factory_girl (1.3.2)
    formtastic (1.0.0)
      actionpack (>= 2.3.0, < 3.0.0)
      activesupport (>= 2.3.0, < 3.0.0)
      i18n (< 0.4)
    gherkin (2.1.5)
      trollop (~> 1.16.2)
    haml (3.0.16)
    httparty (0.6.1)
      crack (= 0.1.8)
    i18n (0.3.7)
    jammit (0.5.1)
      closure-compiler (>= 0.1.0)
      yui-compressor (>= 0.9.1)
    json_pure (1.4.6)
    mysql (2.8.1)
    nokogiri (1.4.3.1)
    rack (1.1.0)
    rack-test (0.5.4)
      rack (>= 1.0)
    rails (2.3.8)
      actionmailer (= 2.3.8)
      actionpack (= 2.3.8)
      activerecord (= 2.3.8)
      activeresource (= 2.3.8)
      activesupport (= 2.3.8)
      rake (>= 0.8.3)
    rake (0.8.7)
    rspec (1.3.0)
    rspec-rails (1.3.2)
      rack (>= 1.0.0)
      rspec (>= 1.3.0)
    searchlogic (2.4.23)
      activerecord (>= 2.0.0)
    system_timer (1.0)
    term-ansicolor (1.0.5)
    trollop (1.16.2)
    uuidtools (2.1.1)
    warden (0.10.7)
      rack (>= 1.0.0)
    webrat (0.7.1)
      nokogiri (>= 1.2.0)
      rack (>= 1.0)
      rack-test (>= 0.5.3)
    will_paginate (2.3.14)
    yui-compressor (0.9.1)

PLATFORMS
  ruby

DEPENDENCIES
  bcrypt-ruby
  cucumber
  devise (= 1.0.8)
  factory_girl
  formtastic
  haml
  httparty
  jammit
  mysql
  rails (= 2.3.8)
  rake
  rspec
  rspec-rails
  searchlogic
  system_timer
  uuidtools
  warden
  webrat
  will_paginate
